PATH
  remote: .
  specs:
    demo_echo_ruby (0.1.0)

GEM
  remote: https://rubygems.org/
  specs:
    rake (13.0.6)

PLATFORMS
  x86_64-linux

DEPENDENCIES
  demo_echo_ruby!
  rake (~> 13.0)

BUNDLED WITH
   2.2.15
